GEM
  remote: http://rubygems.org/
  specs:
    boson (1.2.4)

PLATFORMS
  ruby

DEPENDENCIES
  boson
