PATH
  remote: .
  specs:
    bignou (0.0.1)
      boson

GEM
  remote: http://rubygems.org/
  specs:
    boson (1.2.4)

PLATFORMS
  ruby

DEPENDENCIES
  bignou!
